PATH
  remote: .
  specs:
    demo-pubsub (0.0.1)
      bunny
      couchrest
      logstash-logger

GEM
  remote: https://rubygems.org/
  specs:
    amq-protocol (2.0.1)
    bunny (2.2.2)
      amq-protocol (>= 2.0.1)
    couchrest (1.2.1)
      mime-types (>= 1.15)
      multi_json (~> 1.7, ~> 1.0)
      rest-client (~> 1.8.0)
    domain_name (0.5.25)
      unf (>= 0.0.5, < 1.0.0)
    http-cookie (1.0.2)
      domain_name (~> 0.5)
    logstash-event (1.2.02)
    logstash-logger (0.15.2)
      logstash-event (~> 1.2)
      stud
    mime-types (2.99)
    multi_json (1.11.2)
    netrc (0.11.0)
    rest-client (1.8.0)
      http-cookie (>= 1.0.2, < 2.0)
      mime-types (>= 1.16, < 3.0)
      netrc (~> 0.7)
    stud (0.0.22)
    unf (0.1.4)
      unf_ext
    unf_ext (0.0.7.1)

PLATFORMS
  ruby

DEPENDENCIES
  demo-pubsub!

BUNDLED WITH
   1.10.6
